PATH
  remote: .
  specs:
    hostelify (0.7.2)
      nibbler (>= 1.2.1)
      nokogiri (>= 1.4.4)
      rest-client (>= 1.6.1)
      robotstxt (>= 0.5.4)

GEM
  remote: http://rubygems.org/
  specs:
    diff-lcs (1.1.2)
    mime-types (1.16)
    nibbler (1.2.1)
    nokogiri (1.5.0)
    rest-client (1.6.3)
      mime-types (>= 1.16)
    robotstxt (0.5.4)
    rspec (2.5.0)
      rspec-core (~> 2.5.0)
      rspec-expectations (~> 2.5.0)
      rspec-mocks (~> 2.5.0)
    rspec-core (2.5.1)
    rspec-expectations (2.5.0)
      diff-lcs (~> 1.1.2)
    rspec-mocks (2.5.0)

PLATFORMS
  ruby

DEPENDENCIES
  hostelify!
  rspec (= 2.5.0)
