PATH
  remote: .
  specs:
    hostelify (0.8.3)
      nibbler (>= 1.2.1)
      nokogiri (>= 1.4.4)
      rest-client (>= 1.6.1)
      robotstxt (>= 0.5.4)

GEM
  remote: http://rubygems.org/
  specs:
    mime-types (1.16)
    nibbler (1.2.1)
    nokogiri (1.5.0)
    rest-client (1.6.3)
      mime-types (>= 1.16)
    robotstxt (0.5.4)

PLATFORMS
  ruby

DEPENDENCIES
  hostelify!
